GEM
  remote: http://rubygems.org/
  specs:
    ZenTest (4.5.0)
    actionmailer (2.1.2)
      actionpack (= 2.1.2)
    actionpack (2.1.2)
      activesupport (= 2.1.2)
    activerecord (2.1.2)
      activesupport (= 2.1.2)
    activeresource (2.1.2)
      activesupport (= 2.1.2)
    activesupport (2.1.2)
    juggernaut (2.0.1)
      redis
    mysql (2.8.1)
    rack (1.0.0)
    rails (2.1.2)
      actionmailer (= 2.1.2)
      actionpack (= 2.1.2)
      activerecord (= 2.1.2)
      activeresource (= 2.1.2)
      activesupport (= 2.1.2)
      rake (>= 0.8.1)
    rake (0.8.7)
    rcov (0.9.9)
    redis (2.2.0)
    rspec (1.3.2)
    rspec-rails (1.3.4)
      rack (>= 1.0.0)
      rspec (~> 1.3.1)

PLATFORMS
  ruby

DEPENDENCIES
  ZenTest
  juggernaut
  mysql
  rack (= 1.0.0)
  rails (= 2.1.2)
  rcov
  rspec (= 1.3.2)
  rspec-rails
